GEM
  remote: http://rubygems.org/
  specs:
    git (1.2.5)
    jeweler (1.6.4)
      bundler (~> 1.0)
      git (>= 1.2.5)
      rake
    multi_json (1.1.0)
    rake (0.9.2.2)
    rcov (1.0.0)
    rdoc (6.3.1)
    shoulda (2.11.3)
    simplecov (0.6.1)
      multi_json (~> 1.0)
      simplecov-html (~> 0.5.3)
    simplecov-html (0.5.3)

PLATFORMS
  ruby

DEPENDENCIES
  bundler (~> 1.0.0)
  jeweler (~> 1.6.2)
  rake
  rcov
  rdoc
  shoulda (>= 0, != 3.0.0)
  simplecov (>= 0.4.0)
