GEM
  remote: http://rubygems.org/
  specs:
    git (1.2.5)
    jeweler (1.6.2)
      bundler (~> 1.0)
      git (>= 1.2.5)
      rake
    rake (0.8.7)
    rcov (0.9.9)
    rdoc (3.6.1)
    shoulda (2.11.3)

PLATFORMS
  ruby

DEPENDENCIES
  bundler (~> 1.0.0)
  jeweler (~> 1.6.2)
  rake (= 0.8.7)
  rcov
  rdoc
  shoulda
